GEM
  remote: http://rubygems.org/
  specs:
    curb (0.8.0)
    eventmachine (0.12.10)
    httparty (0.8.3)
      multi_json (~> 1.0)
      multi_xml
    httpclient (2.2.4)
    httprb (0.1.5)
    mime-types (1.18)
    multi_json (1.3.4)
    multi_xml (0.4.4)
    net-http-persistent (2.6)
    patron (0.4.18)
    rest-client (1.6.7)
      mime-types (>= 1.16)
    righttp (0.1.5)
    rufus-jig (1.0.0)
      rufus-json (>= 0.2.5)
      rufus-lru
    rufus-json (1.0.1)
    rufus-lru (1.0.5)
    yajl-ruby (1.1.0)

PLATFORMS
  ruby

DEPENDENCIES
  curb
  eventmachine
  httparty
  httpclient
  httprb
  net-http-persistent
  patron
  rest-client
  righttp
  rufus-jig
  yajl-ruby
