GEM
  remote: http://rubygems.org/
  specs:
    addressable (2.2.5)
    crack (0.1.8)
    curb (0.7.12)
    em-http-request (0.3.0)
      addressable (>= 2.0.0)
      escape_utils
      eventmachine (>= 0.12.9)
    escape_utils (0.2.3)
    eventmachine (0.12.10)
    httparty (0.7.4)
      crack (= 0.1.8)
    httpclient (2.1.6.1)
    httprb (0.1.5)
    mime-types (1.16)
    patron (0.4.11)
    rake (0.8.7)
    rest-client (1.6.1)
      mime-types (>= 1.16)
    righttp (0.1.5)
    rufus-jig (1.0.0)
      rufus-json (>= 0.2.5)
      rufus-lru
    rufus-json (0.2.5)
    rufus-lru (1.0.3)
    typhoeus (0.2.4)
      mime-types
      mime-types
    yajl-ruby (0.8.1)

PLATFORMS
  ruby

DEPENDENCIES
  curb
  em-http-request
  eventmachine
  httparty
  httpclient
  httprb
  patron
  rake
  rest-client
  righttp
  rufus-jig
  typhoeus
  yajl-ruby
