GEM
  remote: http://rubygems.org/
  specs:
    addressable (2.2.8)
    cookiejar (0.3.0)
    curb (0.8.0)
    em-http-request (1.0.2)
      addressable (>= 2.2.3)
      cookiejar
      em-socksify
      eventmachine (>= 1.0.0.beta.4)
      http_parser.rb (>= 0.5.3)
    em-socksify (0.2.0)
      eventmachine (>= 1.0.0.beta.4)
    eventmachine (1.0.0.beta.4)
    http_parser.rb (0.5.3)
    httparty (0.8.3)
      multi_json (~> 1.0)
      multi_xml
    httpclient (2.2.4)
    httprb (0.1.5)
    mime-types (1.18)
    multi_json (1.3.4)
    multi_xml (0.4.4)
    net-http-persistent (2.6)
    oj (1.2.8)
    patron (0.4.18)
    rest-client (1.6.7)
      mime-types (>= 1.16)
    righttp (0.1.5)
    rufus-jig (1.0.0)
      rufus-json (>= 0.2.5)
      rufus-lru
    rufus-json (1.0.1)
    rufus-lru (1.0.5)
    yajl-ruby (1.1.0)

PLATFORMS
  ruby

DEPENDENCIES
  curb
  em-http-request (~> 1.0.2)
  eventmachine
  httparty
  httpclient
  httprb
  multi_json
  net-http-persistent
  oj
  patron
  rest-client
  righttp
  rufus-jig
  yajl-ruby
